GEM
  remote: https://rubygems.org/
  specs:
    jdbc-mysql (5.1.28)
    rack (1.5.2)
    rack-protection (1.5.2)
      rack
    ruby-mysql (2.9.12)
    sinatra (1.4.4)
      rack (~> 1.4)
      rack-protection (~> 1.4)
      tilt (~> 1.3, >= 1.3.4)
    tilt (1.4.1)

PLATFORMS
  java
  ruby

DEPENDENCIES
  jdbc-mysql
  ruby-mysql
  sinatra
